PATH
  remote: .
  specs:
    fauxhai_generator (0.1.0)
      aws-sdk-ec2
      train-core

GEM
  remote: https://rubygems.org/
  specs:
    aws-partitions (1.83.0)
    aws-sdk-core (3.20.2)
      aws-partitions (~> 1.0)
      aws-sigv4 (~> 1.0)
      jmespath (~> 1.0)
    aws-sdk-ec2 (1.31.0)
      aws-sdk-core (~> 3)
      aws-sigv4 (~> 1.0)
    aws-sigv4 (1.0.2)
    jmespath (1.4.0)
    json (2.1.0)
    mixlib-shellout (2.3.2)
    rake (10.5.0)
    train-core (1.4.4)
      json (>= 1.8, < 3.0)
      mixlib-shellout (~> 2.0)

PLATFORMS
  ruby

DEPENDENCIES
  bundler (~> 1.16)
  fauxhai_generator!
  rake (~> 10.0)

BUNDLED WITH
   1.16.1
